GEM
  remote: https://rubygems.org/
  specs:
    activesupport (5.2.1)
      concurrent-ruby (~> 1.0, >= 1.0.2)
      i18n (>= 0.7, < 2)
      minitest (~> 5.1)
      tzinfo (~> 1.1)
    backports (3.11.4)
    bigdecimal (1.3.5)
    bson (4.3.0)
    byebug (10.0.2)
    concurrent-ruby (1.0.5)
    daemons (1.2.6)
    digest-sha3 (1.1.0)
    eth (0.4.8)
      digest-sha3 (~> 1.1)
      ffi (~> 1.0)
      money-tree (~> 0.10.0)
      rlp (~> 0.7.3)
      scrypt (~> 3.0.5)
    eventmachine (1.2.7)
    ffi (1.9.25)
    ffi-compiler (1.0.1)
      ffi (>= 1.0.0)
      rake
    haml (5.0.4)
      temple (>= 0.8.0)
      tilt
    i18n (1.1.0)
      concurrent-ruby (~> 1.0)
    mini_portile2 (2.3.0)
    minitest (5.11.3)
    money-tree (0.10.0)
      ffi
    mongo (2.6.2)
      bson (>= 4.3.0, < 5.0.0)
    mrz (0.2.0)
    multi_json (1.13.1)
    mustermann (1.0.3)
    nokogiri (1.8.4)
      mini_portile2 (~> 2.3.0)
    rack (2.0.5)
    rack-protection (2.0.3)
      rack
    rake (12.3.1)
    rlp (0.7.3)
    rmagick (2.16.0)
    rtesseract (2.2.0)
      nokogiri
    scrypt (3.0.5)
      ffi-compiler (>= 1.0, < 2.0)
    sinatra (2.0.3)
      mustermann (~> 1.0)
      rack (~> 2.0)
      rack-protection (= 2.0.3)
      tilt (~> 2.0)
    sinatra-contrib (2.0.3)
      activesupport (>= 4.0.0)
      backports (>= 2.8.2)
      multi_json
      mustermann (~> 1.0)
      rack-protection (= 2.0.3)
      sinatra (= 2.0.3)
      tilt (>= 1.3, < 3)
    temple (0.8.0)
    thin (1.7.2)
      daemons (~> 1.0, >= 1.0.9)
      eventmachine (~> 1.0, >= 1.0.4)
      rack (>= 1, < 3)
    thread_safe (0.3.6)
    tilt (2.0.8)
    tzinfo (1.2.5)
      thread_safe (~> 0.1)

PLATFORMS
  ruby

DEPENDENCIES
  bigdecimal
  byebug (~> 10.0)
  eth (~> 0.4.8)
  haml (~> 5.0)
  mongo (~> 2.6)
  mrz (~> 0.2.0)
  rmagick (~> 2.16)
  rtesseract (~> 2.2)
  sinatra (~> 2.0)
  sinatra-contrib (~> 2.0)
  thin

BUNDLED WITH
   1.16.5
